GIT
  remote: https://github.com/PerseusDL/hypothesis-client
  revision: 64cf27b0659a886a3c819c0a34b24597ff64b6e6
  specs:
    hypothesis-client (0.0.4)
      json

GIT
  remote: https://github.com/RDACollectionsWG/ruby-collections-client
  revision: e634539bcd1805e37d89ef0963df3965a1076f30
  tag: v1.0.1
  specs:
    rda-collections-client (1.0.1)
      json (~> 1.8, >= 1.8.3)
      typhoeus (~> 1.0, >= 1.0.1)

GIT
  remote: https://github.com/onelogin/ruby-saml
  revision: 3b81caafaeadfc9fdb981c87a4562fadea86aff2
  ref: 3b81caa
  specs:
    ruby-saml (1.0.0)
      nokogiri (>= 1.5.10)
      uuid (~> 2.3)

GIT
  remote: https://github.com/sosol/mediawiki-ruby-api
  revision: 2d87ea087c1fc27c6793ce3c6488258ee5c88c3b
  specs:
    mediawiki_api (0.3.1)
      faraday (~> 0.9, >= 0.9.0)
      faraday-cookie_jar (~> 0.0, >= 0.0.6)

GEM
  remote: https://rubygems.org/
  specs:
    actionmailer (3.2.22.5)
      actionpack (= 3.2.22.5)
      mail (~> 2.5.4)
    actionpack (3.2.22.5)
      activemodel (= 3.2.22.5)
      activesupport (= 3.2.22.5)
      builder (~> 3.0.0)
      erubis (~> 2.7.0)
      journey (~> 1.0.4)
      rack (~> 1.4.5)
      rack-cache (~> 1.2)
      rack-test (~> 0.6.1)
      sprockets (~> 2.2.1)
    activemodel (3.2.22.5)
      activesupport (= 3.2.22.5)
      builder (~> 3.0.0)
    activerecord (3.2.22.5)
      activemodel (= 3.2.22.5)
      activesupport (= 3.2.22.5)
      arel (~> 3.0.2)
      tzinfo (~> 0.3.29)
    activerecord-jdbc-adapter (1.3.17)
      activerecord (>= 2.2)
    activerecord-jdbcmysql-adapter (1.3.17)
      activerecord-jdbc-adapter (~> 1.3.17)
      jdbc-mysql (>= 5.1.22)
    activerecord-jdbcsqlite3-adapter (1.3.17)
      activerecord-jdbc-adapter (~> 1.3.17)
      jdbc-sqlite3 (>= 3.7.2, < 3.9)
    activeresource (3.2.22.5)
      activemodel (= 3.2.22.5)
      activesupport (= 3.2.22.5)
    activesupport (3.2.22.5)
      i18n (~> 0.6, >= 0.6.4)
      multi_json (~> 1.0)
    airbrake (5.6.1)
      airbrake-ruby (~> 1.6)
    airbrake-ruby (1.8.0)
    arel (3.0.3)
    bagit (0.4.0)
      docopt (~> 0.5.0)
      validatable (~> 1.6)
    builder (3.0.4)
    capistrano (2.15.9)
      highline
      net-scp (>= 1.0.0)
      net-sftp (>= 2.0.0)
      net-ssh (>= 2.0.14)
      net-ssh-gateway (>= 1.1.0)
    celluloid (0.17.3)
      celluloid-essentials
      celluloid-extras
      celluloid-fsm
      celluloid-pool
      celluloid-supervision
      timers (>= 4.1.1)
    celluloid-essentials (0.20.5)
      timers (>= 4.1.1)
    celluloid-extras (0.20.5)
      timers (>= 4.1.1)
    celluloid-fsm (0.20.5)
      timers (>= 4.1.1)
    celluloid-pool (0.20.5)
      timers (>= 4.1.1)
    celluloid-supervision (0.20.6)
      timers (>= 4.1.1)
    coffee-rails (3.2.2)
      coffee-script (>= 2.2.0)
      railties (~> 3.2.0)
    coffee-script (2.4.1)
      coffee-script-source
      execjs
    coffee-script-source (1.12.2)
    columnize (0.9.0)
    concurrent-ruby (1.1.9)
    database_cleaner (1.6.1)
    diff-lcs (1.3)
    docopt (0.5.0)
    domain_name (0.5.20170404)
      unf (>= 0.0.5, < 1.0.0)
    doorkeeper (2.2.2)
      railties (>= 3.2)
    dynamic_form (1.1.4)
    erubis (2.7.0)
    ethon (0.10.1)
      ffi (>= 1.3.0)
    execjs (2.7.0)
    factory_girl (4.8.0)
      activesupport (>= 3.0.0)
    factory_girl_rails (4.8.0)
      factory_girl (~> 4.8.0)
      railties (>= 3.0.0)
    faraday (0.12.1)
      multipart-post (>= 1.2, < 3)
    faraday-cookie_jar (0.0.6)
      faraday (>= 0.7.4)
      http-cookie (~> 1.0.0)
    faraday_middleware (0.11.0.1)
      faraday (>= 0.7.4, < 1.0)
    ffi (1.15.4-java)
    grit (2.4.1)
      diff-lcs (~> 1.1)
      mime-types (~> 1.15)
    haml (4.0.6)
      tilt
    highline (1.7.8)
    hike (1.2.3)
    hitimes (1.2.5-java)
    http-cookie (1.0.3)
      domain_name (~> 0.5)
    i18n (0.9.5)
      concurrent-ruby (~> 1.0)
    jdbc-mysql (5.1.42)
    jdbc-sqlite3 (3.8.11.2)
    journey (1.0.4)
    jquery-rails (3.1.4)
      railties (>= 3.0, < 5.0)
      thor (>= 0.14, < 2.0)
    jruby-jars (1.7.26)
    jruby-openssl (0.9.20-java)
    jruby-rack (1.1.20)
    json (1.8.6-java)
    linecache (1.3.1-java)
    macaddr (1.7.1)
      systemu (~> 2.6.2)
    mail (2.5.5)
      mime-types (~> 1.16)
      treetop (~> 1.4.8)
    metaclass (0.0.4)
    mime-types (1.25.1)
    minitest (5.10.3)
    mocha (1.1.0)
      metaclass (~> 0.0.1)
    multi_json (1.15.0)
    multipart-post (2.0.0)
    net-scp (1.2.1)
      net-ssh (>= 2.6.5)
    net-sftp (2.1.2)
      net-ssh (>= 2.6.5)
    net-ssh (4.1.0)
    net-ssh-gateway (2.0.0)
      net-ssh (>= 4.0.0)
    nokogiri (1.8.0-java)
    polyglot (0.3.5)
    prototype-rails (3.2.1)
      rails (~> 3.2)
    puma (3.9.1-java)
    rack (1.4.7)
    rack-cache (1.7.0)
      rack (>= 0.4)
    rack-ssl (1.3.4)
      rack
    rack-test (0.6.3)
      rack (>= 1.0)
    rails (3.2.22.5)
      actionmailer (= 3.2.22.5)
      actionpack (= 3.2.22.5)
      activerecord (= 3.2.22.5)
      activeresource (= 3.2.22.5)
      activesupport (= 3.2.22.5)
      bundler (~> 1.0)
      railties (= 3.2.22.5)
    railties (3.2.22.5)
      actionpack (= 3.2.22.5)
      activesupport (= 3.2.22.5)
      rack-ssl (~> 1.3.2)
      rake (>= 0.8.7)
      rdoc (~> 3.4)
      thor (>= 0.14.6, < 2.0)
    rake (12.0.0)
    rdoc (3.12.2)
      json (~> 1.4)
    ruby-debug (0.10.6)
      columnize (>= 0.1)
      linecache (~> 1.3.1)
      ruby-debug-base (~> 0.10.6.0)
    ruby-debug-base (0.10.6-java)
    rubyzip (1.0.0)
    sass (3.4.24)
    sass-rails (3.2.6)
      railties (~> 3.2.0)
      sass (>= 3.1.10)
      tilt (~> 1.3)
    shoulda (3.5.0)
      shoulda-context (~> 1.0, >= 1.0.1)
      shoulda-matchers (>= 1.4.1, < 3.0)
    shoulda-context (1.2.2)
    shoulda-matchers (2.8.0)
      activesupport (>= 3.0.0)
    sprockets (2.2.3)
      hike (~> 1.2)
      multi_json (~> 1.0)
      rack (~> 1.0)
      tilt (~> 1.1, != 1.3.0)
    sucker_punch (1.6.0)
      celluloid (~> 0.17.2)
    swagger-blocks (2.0.0)
    systemu (2.6.5)
    test_after_commit (0.4.1)
      activerecord (>= 3.2)
    thor (0.19.4)
    thread_safe (0.3.6-java)
    tilt (1.4.1)
    timecop (0.8.1)
    timers (4.1.2)
      hitimes
    treetop (1.4.15)
      polyglot
      polyglot (>= 0.3.1)
    typhoeus (1.3.0)
      ethon (>= 0.9.0)
    tzinfo (0.3.53)
    uglifier (3.2.0)
      execjs (>= 0.3.0, < 3)
    unf (0.1.4-java)
    uuid (2.3.8)
      macaddr (~> 1.0)
    validatable (1.6.7)
    warbler (1.4.10)
      jruby-jars (>= 1.5.6, < 2.0)
      jruby-rack (>= 1.1.1, < 1.3)
      rake (>= 0.9.6)
      rubyzip (>= 0.9, < 1.3)
    with_advisory_lock (3.1.0)
      activerecord (>= 3.2)
      thread_safe
    xmlcanonicalizer (0.1.2)
    zip-zip (0.3)
      rubyzip (>= 1.0.0)

PLATFORMS
  java

DEPENDENCIES
  activerecord-jdbc-adapter (>= 0.9.2)
  activerecord-jdbcmysql-adapter (>= 0.9.2)
  activerecord-jdbcsqlite3-adapter (>= 0.9.2)
  airbrake (~> 5.6.1)
  bagit
  capistrano (~> 2.15.0)
  coffee-rails (~> 3.2.1)
  database_cleaner
  doorkeeper (= 2.2.2)
  dynamic_form
  factory_girl (>= 2.6.4)
  factory_girl_rails (>= 1.2)
  faraday_middleware
  grit (~> 2.4.0)
  haml (= 4.0.6)
  hypothesis-client!
  jdbc-sqlite3 (>= 3.6.3.054)
  jquery-rails
  jruby-openssl (>= 0.9.8)
  json (>= 1.6.6)
  mediawiki_api!
  minitest
  mocha (= 1.1.0)
  nokogiri (>= 1.6.6.2)
  prototype-rails
  puma
  rack (>= 1.1.0)
  rails (~> 3.2.22)
  rake
  rda-collections-client!
  ruby-debug
  ruby-saml!
  rubyzip (~> 1.0.0)
  sass
  sass-rails (~> 3.2.3)
  shoulda (>= 2.11.3)
  shoulda-matchers (>= 2.0.0)
  sucker_punch (~> 1.0)
  swagger-blocks
  test_after_commit (= 0.4.1)
  timecop
  uglifier (>= 1.0.3)
  uuid
  validatable
  warbler
  with_advisory_lock
  xmlcanonicalizer
  zip-zip

BUNDLED WITH
   1.15.1
